GEM
  remote: http://rubygems.org/
  specs:
    assetbuild (0.1.0)
    directory_watcher (1.3.2)
    ruby-growl (3.0)
    yui-compressor (0.9.1)

PLATFORMS
  ruby

DEPENDENCIES
  assetbuild
  directory_watcher
  ruby-growl
  yui-compressor
